{"Modality": "MR", "MagneticFieldStrength": 3, "ImagingFrequency": 123.254, "Manufacturer": "Siemens", "ManufacturersModelName": "Prisma_fit", "InstitutionName": "NeuroSpin", "InstitutionalDepartmentName": "Department", "InstitutionAddress": "Street N306,SACLAY,IdF,FR,91400", "DeviceSerialNumber": "67069", "StationName": "MRCTRIO", "BodyPartExamined": "BRAIN", "PatientPosition": "HFS", "ProcedureStepDescription": "Protocoles^NACONF", "SoftwareVersions": "syngo MR E11", "MRAcquisitionType": "2D", "SeriesDescription": "ep2d_se_28sl-3mm_2.0x2.0_AP", "ProtocolName": "ep2d_se_28sl-3mm_2.0x2.0_AP", "ScanningSequence": "EP", "SequenceVariant": "SK\\SP", "ScanOptions": "PFP\\FS", "SequenceName": "*epse2d1_96", "ImageType": ["ORIGINAL", "PRIMARY", "M", "ND"], "SeriesNumber": 3, "AcquisitionTime": "11:24:35.702500", "AcquisitionNumber": 1, "SliceThickness": 3, "SpacingBetweenSlices": 3, "SAR": 0.102571, "EchoTime": 0.044, "RepetitionTime": 4.8, "FlipAngle": 90, "PartialFourier": 0.875, "BaseResolution": 96, "ShimSetting": [-638, 2375, -665, 868, 28, 187, 380, -151], "TxRefAmp": 243.661, "PhaseResolution": 1, "ReceiveCoilName": "HeadNeck_64", "ReceiveCoilActiveElements": "HC3-7", "PulseSequenceDetails": "%SiemensSeq%\\ep2d_se", "ConsistencyInfo": "N4_VE11C_LATEST_20160120", "PercentPhaseFOV": 100, "PercentSampling": 100, "EchoTrainLength": 84, "PhaseEncodingSteps": 84, "AcquisitionMatrixPE": 96, "ReconMatrixPE": 96, "BandwidthPerPixelPhaseEncode": 19.29, "EffectiveEchoSpacing": 0.000540003, "DerivedVendorReportedEchoSpacing": 0.000540003, "TotalReadoutTime": 0.0513003, "PixelBandwidth": 2170, "DwellTime": 2.4e-06, "PhaseEncodingDirection": "j", "SliceTiming": [2.39844, 0, 2.57031, 0.16406, 2.74219, 0.34375, 2.91406, 0.50781, 3.08594, 0.67969, 3.25, 0.85156, 3.42188, 1.02344, 3.60156, 1.19531, 3.76562, 1.36719, 3.9375, 1.53906, 4.10938, 1.71094, 4.28125, 1.88281, 4.45312, 2.05469, 4.625, 2.22656], "ImageOrientationPatientDICOM": [1, 0, 0, 0, 0.97437, 0.224951], "InPlanePhaseEncodingDirectionDICOM": "COL", "ConversionSoftware": "dcm2niix", "ConversionSoftwareVersion": "v1.0.20210317", "TaskName": "NAconf"}