{"Modality": "MR", "MagneticFieldStrength": 3, "ImagingFrequency": 123.254, "Manufacturer": "Siemens", "ManufacturersModelName": "Prisma_fit", "InstitutionName": "NeuroSpin", "InstitutionalDepartmentName": "Department", "InstitutionAddress": "Street_N306_SACLAY_IdF_FR_91400", "DeviceSerialNumber": "67069", "StationName": "MRCTRIO", "BodyPartExamined": "BRAIN", "PatientPosition": "HFS", "ProcedureStepDescription": "Protocoles_NACONF", "SoftwareVersions": "syngo_MR_E11", "MRAcquisitionType": "2D", "SeriesDescription": "ep2d_se_28sl-3mm_2.0x2.0_PA", "ProtocolName": "ep2d_se_28sl-3mm_2.0x2.0_PA", "ScanningSequence": "EP", "SequenceVariant": "SK_SP", "ScanOptions": "PFP_FS", "SequenceName": "_epse2d1_96", "ImageType": ["ORIGINAL", "PRIMARY", "M", "ND"], "SeriesNumber": 2, "AcquisitionTime": "11:59:51.622500", "AcquisitionNumber": 1, "SliceThickness": 3, "SpacingBetweenSlices": 3, "SAR": 0.0931528, "EchoTime": 0.054, "RepetitionTime": 4.8, "FlipAngle": 90, "PartialFourier": 0.875, "BaseResolution": 96, "ShimSetting": [-621, 2396, -734, 489, 92, 225, 60, -99], "TxRefAmp": 240.959, "PhaseResolution": 1, "ReceiveCoilName": "HeadNeck_64", "ReceiveCoilActiveElements": "HC3-6", "PulseSequenceDetails": "%SiemensSeq%_ep2d_se", "ConsistencyInfo": "N4_VE11C_LATEST_20160120", "PercentPhaseFOV": 100, "EchoTrainLength": 84, "PhaseEncodingSteps": 84, "AcquisitionMatrixPE": 96, "ReconMatrixPE": 96, "BandwidthPerPixelPhaseEncode": 19.29, "EffectiveEchoSpacing": 0.000540003, "DerivedVendorReportedEchoSpacing": 0.000540003, "TotalReadoutTime": 0.0513003, "PixelBandwidth": 2170, "DwellTime": 2.4e-06, "PhaseEncodingDirection": "j-", "ImageOrientationPatientDICOM": [1, 0, 0, 0, 0.985996, 0.166769], "InPlanePhaseEncodingDirectionDICOM": "COL", "ConversionSoftware": "dcm2niix", "ConversionSoftwareVersion": "v1.0.20181125  GCC5.3.1", "TaskName": "NAconf"}