{"Modality": "MR", "MagneticFieldStrength": 3, "ImagingFrequency": 123.254, "Manufacturer": "Siemens", "ManufacturersModelName": "Prisma_fit", "InstitutionName": "NeuroSpin", "InstitutionalDepartmentName": "Department", "InstitutionAddress": "Street N306,SACLAY,IdF,FR,91400", "DeviceSerialNumber": "67069", "StationName": "MRCTRIO", "BodyPartExamined": "BRAIN", "PatientPosition": "HFS", "ProcedureStepDescription": "Protocoles^NACONF", "SoftwareVersions": "syngo MR E11", "MRAcquisitionType": "2D", "SeriesDescription": "ep2d_se_28sl-3mm_2.0x2.0_PA", "ProtocolName": "ep2d_se_28sl-3mm_2.0x2.0_PA", "ScanningSequence": "EP", "SequenceVariant": "SK\\SP", "ScanOptions": "PFP\\FS", "SequenceName": "*epse2d1_96", "ImageType": ["ORIGINAL", "PRIMARY", "M", "ND"], "SeriesNumber": 2, "AcquisitionTime": "13:22:34.175000", "AcquisitionNumber": 1, "SliceThickness": 3, "SpacingBetweenSlices": 3, "SAR": 0.114868, "EchoTime": 0.054, "RepetitionTime": 4.8, "FlipAngle": 90, "PartialFourier": 0.875, "BaseResolution": 96, "ShimSetting": [-630, 2396, -625, 910, 42, -17, 579, -57], "TxRefAmp": 236.734, "PhaseResolution": 1, "ReceiveCoilName": "HeadNeck_64", "ReceiveCoilActiveElements": "HC3-6", "PulseSequenceDetails": "%SiemensSeq%\\ep2d_se", "ConsistencyInfo": "N4_VE11C_LATEST_20160120", "PercentPhaseFOV": 100, "PercentSampling": 100, "EchoTrainLength": 84, "PhaseEncodingSteps": 84, "AcquisitionMatrixPE": 96, "ReconMatrixPE": 96, "BandwidthPerPixelPhaseEncode": 19.29, "EffectiveEchoSpacing": 0.000540003, "DerivedVendorReportedEchoSpacing": 0.000540003, "TotalReadoutTime": 0.0513003, "PixelBandwidth": 2170, "DwellTime": 2.4e-06, "PhaseEncodingDirection": "j-", "SliceTiming": [2.39062, 0, 2.5625, 0.17188, 2.73438, 0.34375, 2.90625, 0.51562, 3.07812, 0.67188, 3.25, 0.84375, 3.42188, 1.03125, 3.59375, 1.1875, 3.76562, 1.35938, 3.9375, 1.53125, 4.10938, 1.70312, 4.28125, 1.875, 4.45312, 2.04688, 4.625, 2.21875], "ImageOrientationPatientDICOM": [1, 0, 0, 0, 0.986856, 0.161604], "InPlanePhaseEncodingDirectionDICOM": "COL", "ConversionSoftware": "dcm2niix", "ConversionSoftwareVersion": "v1.0.20210317", "TaskName": "NAconf"}