{"Modality": "MR", "MagneticFieldStrength": 3, "ImagingFrequency": 123.261, "Manufacturer": "Siemens", "ManufacturersModelName": "Prisma_fit", "InstitutionName": "NeuroSpin", "InstitutionalDepartmentName": "Department", "InstitutionAddress": "Street_N306_SACLAY_IdF_FR_91400", "DeviceSerialNumber": "67069", "StationName": "MRCTRIO", "BodyPartExamined": "BRAIN", "PatientPosition": "HFS", "ProcedureStepDescription": "Protocoles_NACONF", "SoftwareVersions": "syngo_MR_E11", "MRAcquisitionType": "2D", "SeriesDescription": "mbepi_28sl-3mm_2.0x2.0_PA_TE30_TR1250_noiPAT_MB2_485rep", "ProtocolName": "mbepi_28sl-3mm_2.0x2.0_PA_TE30_TR1250_noiPAT_MB2_485rep", "ScanningSequence": "EP", "SequenceVariant": "SK_SP", "ScanOptions": "PFP_FS_EXT", "SequenceName": "epfid2d1_96", "ImageType": ["ORIGINAL", "PRIMARY", "M", "MB", "ND", "MOSAIC"], "SeriesNumber": 7, "AcquisitionTime": "16:44:53.222500", "AcquisitionNumber": 1, "ImageComments": "Unaliased_MB2_PE2", "SliceThickness": 3, "SpacingBetweenSlices": 3, "SAR": 0.0508387, "EchoTime": 0.03, "RepetitionTime": 1.25, "FlipAngle": 65, "PartialFourier": 0.875, "BaseResolution": 96, "ShimSetting": [-620, 2413, -640, 306, 58, 195, -135, 52], "TxRefAmp": 243.728, "PhaseResolution": 1, "ReceiveCoilName": "HeadNeck_64", "ReceiveCoilActiveElements": "HC3-6", "PulseSequenceDetails": "%CustomerSeq%_cmrr_mbep2d_bold", "WipMemBlock": "ea048814-afaa-46ba-9f0d-d88b14d9ab54||Sequence: R016 ve11c/master r/34fb20f; Nov 20 2017 15:15:15 by eja", "ConsistencyInfo": "N4_VE11C_LATEST_20160120", "MultibandAccelerationFactor": 2, "PercentPhaseFOV": 100, "EchoTrainLength": 84, "PhaseEncodingSteps": 84, "AcquisitionMatrixPE": 96, "ReconMatrixPE": 96, "BandwidthPerPixelPhaseEncode": 18.939, "EffectiveEchoSpacing": 0.000550011, "DerivedVendorReportedEchoSpacing": 0.000550011, "TotalReadoutTime": 0.0522511, "PixelBandwidth": 2170, "DwellTime": 2.4e-06, "PhaseEncodingDirection": "j-", "SliceTiming": [0, 0.265, 0.5275, 0.7925, 1.055, 0.0875, 0.3525, 0.615, 0.88, 1.1425, 0.1775, 0.44, 0.7025, 0.9675, 0, 0.265, 0.5275, 0.7925, 1.055, 0.0875, 0.3525, 0.615, 0.88, 1.1425, 0.1775, 0.44, 0.7025, 0.9675], "ImageOrientationPatientDICOM": [1, 0, 0, 0, 0.998135, -0.0610485], "InPlanePhaseEncodingDirectionDICOM": "COL", "ConversionSoftware": "dcm2niix", "ConversionSoftwareVersion": "v1.0.20181125  (JP2:OpenJPEG) GCC9.3.0", "TaskName": "NAconf"}