{"Modality": "MR", "MagneticFieldStrength": 3, "ImagingFrequency": 123.254, "Manufacturer": "Siemens", "ManufacturersModelName": "Prisma_fit", "InstitutionName": "NeuroSpin", "InstitutionalDepartmentName": "Department", "InstitutionAddress": "Street N306,SACLAY,IdF,FR,91400", "DeviceSerialNumber": "67069", "StationName": "MRCTRIO", "BodyPartExamined": "BRAIN", "PatientPosition": "HFS", "ProcedureStepDescription": "Protocoles^NACONF", "SoftwareVersions": "syngo MR E11", "MRAcquisitionType": "2D", "SeriesDescription": "mbepi_28sl-3mm_2.0x2.0_PA_TE30_TR1250_noiPAT_MB2_485rep", "ProtocolName": "mbepi_28sl-3mm_2.0x2.0_PA_TE30_TR1250_noiPAT_MB2_485rep", "ScanningSequence": "EP", "SequenceVariant": "SK\\SP", "ScanOptions": "PFP\\FS\\EXT", "SequenceName": "epfid2d1_96", "ImageType": ["ORIGINAL", "PRIMARY", "M", "MB", "ND", "MOSAIC"], "SeriesNumber": 7, "AcquisitionTime": "11:29:47.832500", "AcquisitionNumber": 1, "ImageComments": "Unaliased MB2/PE2", "SliceThickness": 3, "SpacingBetweenSlices": 3, "SAR": 0.0578162, "EchoTime": 0.03, "RepetitionTime": 1.25, "FlipAngle": 65, "PartialFourier": 0.875, "BaseResolution": 96, "ShimSetting": [-638, 2375, -665, 868, 28, 187, 380, -151], "TxRefAmp": 243.661, "PhaseResolution": 1, "ReceiveCoilName": "HeadNeck_64", "ReceiveCoilActiveElements": "HC3-7", "PulseSequenceDetails": "%CustomerSeq%\\cmrr_mbep2d_bold", "WipMemBlock": "af66b7e6-d3fd-4176-a193-82bd05ee57b7||Sequence: R016 ve11c/master r/34fb20f; Nov 20 2017 15:15:15 by eja", "ConsistencyInfo": "N4_VE11C_LATEST_20160120", "MultibandAccelerationFactor": 2, "PercentPhaseFOV": 100, "PercentSampling": 100, "EchoTrainLength": 84, "PhaseEncodingSteps": 84, "AcquisitionMatrixPE": 96, "ReconMatrixPE": 96, "BandwidthPerPixelPhaseEncode": 18.939, "EffectiveEchoSpacing": 0.000550011, "DerivedVendorReportedEchoSpacing": 0.000550011, "TotalReadoutTime": 0.0522511, "PixelBandwidth": 2170, "DwellTime": 2.4e-06, "PhaseEncodingDirection": "j-", "SliceTiming": [0, 0.265, 0.5275, 0.7925, 1.055, 0.09, 0.3525, 0.615, 0.88, 1.1425, 0.1775, 0.44, 0.705, 0.9675, 0, 0.265, 0.5275, 0.7925, 1.055, 0.09, 0.3525, 0.615, 0.88, 1.1425, 0.1775, 0.44, 0.705, 0.9675], "ImageOrientationPatientDICOM": [1, 0, 0, 0, 0.97437, 0.224951], "InPlanePhaseEncodingDirectionDICOM": "COL", "ConversionSoftware": "dcm2niix", "ConversionSoftwareVersion": "v1.0.20210317", "TaskName": "NAconf"}