{"Modality": "MR", "MagneticFieldStrength": 3, "ImagingFrequency": 123.254, "Manufacturer": "Siemens", "ManufacturersModelName": "Prisma_fit", "InstitutionName": "NeuroSpin", "InstitutionalDepartmentName": "Department", "InstitutionAddress": "Street N306,SACLAY,IdF,FR,91400", "DeviceSerialNumber": "67069", "StationName": "MRCTRIO", "BodyPartExamined": "BRAIN", "PatientPosition": "HFS", "ProcedureStepDescription": "Protocoles^NACONF", "SoftwareVersions": "syngo MR E11", "MRAcquisitionType": "2D", "SeriesDescription": "ep2d_se_28sl-3mm_2.0x2.0_AP", "ProtocolName": "ep2d_se_28sl-3mm_2.0x2.0_AP", "ScanningSequence": "EP", "SequenceVariant": "SK\\SP", "ScanOptions": "PFP\\FS", "SequenceName": "*epse2d1_96", "ImageType": ["ORIGINAL", "PRIMARY", "M", "ND"], "SeriesNumber": 3, "AcquisitionTime": "12:08:39.947500", "AcquisitionNumber": 1, "SliceThickness": 3, "SpacingBetweenSlices": 3, "SAR": 0.0767716, "EchoTime": 0.044, "RepetitionTime": 4.8, "FlipAngle": 90, "PartialFourier": 0.875, "BaseResolution": 96, "ShimSetting": [-641, 2345, -698, 905, -15, 78, 406, -11], "TxRefAmp": 219.708, "PhaseResolution": 1, "ReceiveCoilName": "HeadNeck_64", "ReceiveCoilActiveElements": "HC3-6", "PulseSequenceDetails": "%SiemensSeq%\\ep2d_se", "ConsistencyInfo": "N4_VE11C_LATEST_20160120", "PercentPhaseFOV": 100, "PercentSampling": 100, "EchoTrainLength": 84, "PhaseEncodingSteps": 84, "AcquisitionMatrixPE": 96, "ReconMatrixPE": 96, "BandwidthPerPixelPhaseEncode": 19.29, "EffectiveEchoSpacing": 0.000540003, "DerivedVendorReportedEchoSpacing": 0.000540003, "TotalReadoutTime": 0.0513003, "PixelBandwidth": 2170, "DwellTime": 2.4e-06, "PhaseEncodingDirection": "j", "SliceTiming": [2.39844, 0, 2.57031, 0.17188, 2.74219, 0.34375, 2.91406, 0.51562, 3.08594, 0.6875, 3.25781, 0.85938, 3.42969, 1.03125, 3.60156, 1.20312, 3.77344, 1.375, 3.94531, 1.54688, 4.11719, 1.71875, 4.28906, 1.89062, 4.46094, 2.05469, 4.63281, 2.23438], "ImageOrientationPatientDICOM": [1, 0, 0, 0, 0.996345, 0.0854169], "InPlanePhaseEncodingDirectionDICOM": "COL", "ConversionSoftware": "dcm2niix", "ConversionSoftwareVersion": "v1.0.20210317", "TaskName": "NAconf"}