{"Modality": "MR", "MagneticFieldStrength": 3, "ImagingFrequency": 123.254, "Manufacturer": "Siemens", "ManufacturersModelName": "Prisma_fit", "InstitutionName": "NeuroSpin", "InstitutionalDepartmentName": "Department", "InstitutionAddress": "Street N306,SACLAY,IdF,FR,91400", "DeviceSerialNumber": "67069", "StationName": "MRCTRIO", "BodyPartExamined": "BRAIN", "PatientPosition": "HFS", "ProcedureStepDescription": "Protocoles^NACONF", "SoftwareVersions": "syngo MR E11", "MRAcquisitionType": "2D", "SeriesDescription": "mbepi_28sl-3mm_2.0x2.0_PA_TE30_TR1250_noiPAT_MB2_485rep", "ProtocolName": "mbepi_28sl-3mm_2.0x2.0_PA_TE30_TR1250_noiPAT_MB2_485rep", "ScanningSequence": "EP", "SequenceVariant": "SK\\SP", "ScanOptions": "PFP\\FS\\EXT", "SequenceName": "epfid2d1_96", "ImageType": ["ORIGINAL", "PRIMARY", "M", "MB", "ND", "MOSAIC"], "SeriesNumber": 13, "AcquisitionTime": "12:41:36.645000", "AcquisitionNumber": 1, "ImageComments": "Unaliased MB2/PE2", "SliceThickness": 3, "SpacingBetweenSlices": 3, "SAR": 0.0432737, "EchoTime": 0.03, "RepetitionTime": 1.25, "FlipAngle": 65, "PartialFourier": 0.875, "BaseResolution": 96, "ShimSetting": [-641, 2345, -698, 905, -15, 78, 406, -11], "TxRefAmp": 219.708, "PhaseResolution": 1, "ReceiveCoilName": "HeadNeck_64", "ReceiveCoilActiveElements": "HC3-6", "PulseSequenceDetails": "%CustomerSeq%\\cmrr_mbep2d_bold", "WipMemBlock": "e3571c9e-7dd0-420d-9f7e-10aef57b79d5||Sequence: R016 ve11c/master r/34fb20f; Nov 20 2017 15:15:15 by eja", "ConsistencyInfo": "N4_VE11C_LATEST_20160120", "MultibandAccelerationFactor": 2, "PercentPhaseFOV": 100, "PercentSampling": 100, "EchoTrainLength": 84, "PhaseEncodingSteps": 84, "AcquisitionMatrixPE": 96, "ReconMatrixPE": 96, "BandwidthPerPixelPhaseEncode": 18.939, "EffectiveEchoSpacing": 0.000550011, "DerivedVendorReportedEchoSpacing": 0.000550011, "TotalReadoutTime": 0.0522511, "PixelBandwidth": 2170, "DwellTime": 2.4e-06, "PhaseEncodingDirection": "j-", "SliceTiming": [0, 0.2625, 0.5275, 0.79, 1.0525, 0.0875, 0.35, 0.615, 0.8775, 1.1425, 0.175, 0.44, 0.7025, 0.965, 0, 0.2625, 0.5275, 0.79, 1.0525, 0.0875, 0.35, 0.615, 0.8775, 1.1425, 0.175, 0.44, 0.7025, 0.965], "ImageOrientationPatientDICOM": [1, 0, 0, 0, 0.996345, 0.0854169], "InPlanePhaseEncodingDirectionDICOM": "COL", "ConversionSoftware": "dcm2niix", "ConversionSoftwareVersion": "v1.0.20210317", "TaskName": "NAconf"}