{
	"Modality": "MR",
	"MagneticFieldStrength": 3,
	"ImagingFrequency": 123.254,
	"Manufacturer": "Siemens",
	"ManufacturersModelName": "Prisma_fit",
	"InstitutionName": "NeuroSpin",
	"InstitutionalDepartmentName": "Department",
	"InstitutionAddress": "Street_N306_SACLAY_IdF_FR_91400",
	"DeviceSerialNumber": "67069",
	"StationName": "MRCTRIO",
	"BodyPartExamined": "BRAIN",
	"PatientPosition": "HFS",
	"ProcedureStepDescription": "Protocoles_NACONF",
	"SoftwareVersions": "syngo_MR_E11",
	"MRAcquisitionType": "2D",
	"SeriesDescription": "t1_tse2D_Hambourg_14sl_11NEX",
	"ProtocolName": "t1_tse2D_Hambourg_14sl_11NEX",
	"ScanningSequence": "SE",
	"SequenceVariant": "SK_SP_OSP",
	"SequenceName": "_tseW2d1_3",
	"ImageType": ["ORIGINAL", "PRIMARY", "M", "ND", "NORM"],
	"SeriesNumber": 18,
	"AcquisitionTime": "11:06:5.997500",
	"AcquisitionNumber": 1,
	"SliceThickness": 2,
	"SpacingBetweenSlices": 2,
	"SAR": 0.409361,
	"EchoTime": 0.012,
	"RepetitionTime": 0.675,
	"FlipAngle": 120,
	"PartialFourier": 1,
	"Interpolation2D": 1,
	"BaseResolution": 320,
	"ShimSetting": [
		-663,
		2497,
		-686,
		724,
		-48,
		-546,
		-294,
		-37	],
	"TxRefAmp": 211.07,
	"PhaseResolution": 1,
	"ReceiveCoilName": "HeadNeck_64",
	"ReceiveCoilActiveElements": "HC3-7",
	"PulseSequenceDetails": "%SiemensSeq%_tse",
	"ConsistencyInfo": "N4_VE11C_LATEST_20160120",
	"PercentPhaseFOV": 78.125,
	"EchoTrainLength": 3,
	"PhaseEncodingSteps": 252,
	"AcquisitionMatrixPE": 250,
	"ReconMatrixPE": 640,
	"PixelBandwidth": 120,
	"DwellTime": 1.3e-05,
	"PhaseEncodingDirection": "i",
	"ImageOrientationPatientDICOM": [
		1,
		4.886e-12,
		3.25e-13,
		-4.897e-12,
		0.997801,
		0.0662739	],
	"InPlanePhaseEncodingDirectionDICOM": "ROW",
	"ConversionSoftware": "dcm2niix",
	"ConversionSoftwareVersion": "v1.0.20181125  GCC5.3.1"
}
